PATH
  remote: .
  specs:
    flr (0.1.13)
      bundler (~> 2.0, >= 2.0.2)
      listen (~> 3.0, >= 3.2.1)
      thor (~> 0.20, >= 0.20.3)

GEM
  remote: https://rubygems.org/
  specs:
    ffi (1.11.3)
    listen (3.2.1)
      rb-fsevent (~> 0.10, >= 0.10.3)
      rb-inotify (~> 0.9, >= 0.9.10)
    rb-fsevent (0.10.3)
    rb-inotify (0.10.0)
      ffi (~> 1.0)
    thor (0.20.3)

PLATFORMS
  ruby

DEPENDENCIES
  flr!

BUNDLED WITH
   2.0.2
