PATH
  remote: .
  specs:
    flr (0.1.5)
      bundler (~> 2.0.2)
      thor (~> 0.20.3)

GEM
  remote: https://rubygems.org/
  specs:
    thor (0.20.3)

PLATFORMS
  ruby

DEPENDENCIES
  bundler (~> 2.0.2)
  flr!
  thor (~> 0.20.3)

BUNDLED WITH
   2.0.2
