PATH
  remote: .
  specs:
    flr (0.1.0)
      bundler (~> 1.17)
      thor (~> 0.20.3)

GEM
  remote: https://rubygems.org/
  specs:
    thor (0.20.3)

PLATFORMS
  ruby

DEPENDENCIES
  bundler (~> 1.17)
  flr!
  thor (~> 0.20.3)

BUNDLED WITH
   1.17.2
