PATH
  remote: .
  specs:
    flr (0.1.0)
      bundler (~> 1.17)
      rake (~> 10.0)
      rspec (~> 3.0)
      thor (~> 0.20.3)

GEM
  remote: https://rubygems.org/
  specs:
    diff-lcs (1.3)
    rake (10.5.0)
    rspec (3.9.0)
      rspec-core (~> 3.9.0)
      rspec-expectations (~> 3.9.0)
      rspec-mocks (~> 3.9.0)
    rspec-core (3.9.0)
      rspec-support (~> 3.9.0)
    rspec-expectations (3.9.0)
      diff-lcs (>= 1.2.0, < 2.0)
      rspec-support (~> 3.9.0)
    rspec-mocks (3.9.0)
      diff-lcs (>= 1.2.0, < 2.0)
      rspec-support (~> 3.9.0)
    rspec-support (3.9.0)
    thor (0.20.3)

PLATFORMS
  ruby

DEPENDENCIES
  bundler (~> 1.17)
  flr!
  rake (~> 10.0)
  rspec (~> 3.0)
  thor (~> 0.20.3)

BUNDLED WITH
   1.17.2
