PATH
  remote: .
  specs:
    flr (1.1.0)
      bundler (~> 2.0, >= 2.0.2)
      listen (~> 3.0, >= 3.2.1)
      thor (~> 1.0, >= 1.0.1)

GEM
  remote: https://rubygems.org/
  specs:
    ffi (1.12.1)
    listen (3.2.1)
      rb-fsevent (~> 0.10, >= 0.10.3)
      rb-inotify (~> 0.9, >= 0.9.10)
    rb-fsevent (0.10.3)
    rb-inotify (0.10.1)
      ffi (~> 1.0)
    thor (1.0.1)

PLATFORMS
  ruby

DEPENDENCIES
  flr!

BUNDLED WITH
   2.0.2
